GEM
  remote: http://rubygems.org/
  specs:
    activesupport (4.0.0)
      i18n (~> 0.6, >= 0.6.4)
      minitest (~> 4.2)
      multi_json (~> 1.3)
      thread_safe (~> 0.1)
      tzinfo (~> 0.3.37)
    appium_lib (6.0.0)
      awesome_print (~> 1.6, >= 1.6.0)
      json (~> 1.8, >= 1.8.1)
      nokogiri (~> 1.6.3.1)
      selenium-webdriver (~> 2.41, >= 2.41.0)
      toml (~> 0.0, >= 0.0.4)
    awesome_print (1.7.0)
    blankslate (2.1.2.4)
    builder (3.2.2)
    childprocess (0.5.9)
      ffi (~> 1.0, >= 1.0.11)
    cucumber (1.3.14)
      builder (>= 2.1.2)
      diff-lcs (>= 1.1.3)
      gherkin (~> 2.12)
      multi_json (>= 1.7.5, < 2.0)
      multi_test (>= 0.1.1)
    diff-lcs (1.2.5)
    ffi (1.9.14)
    gherkin (2.12.2)
      multi_json (~> 1.3)
    i18n (0.7.0)
    json (1.8.3)
    macaddr (1.6.1)
      systemu (~> 2.5.0)
    mini_portile (0.6.0)
    minitest (4.7.5)
    multi_json (1.12.1)
    multi_test (0.1.2)
    nokogiri (1.6.3.1)
      mini_portile (= 0.6.0)
    parslet (1.5.0)
      blankslate (~> 2.0)
    rake (10.1.0)
    rspec (2.14.0)
      rspec-core (~> 2.14.0)
      rspec-expectations (~> 2.14.0)
      rspec-mocks (~> 2.14.0)
    rspec-core (2.14.8)
    rspec-expectations (2.14.5)
      diff-lcs (>= 1.1.3, < 2.0)
    rspec-mocks (2.14.6)
    rubyzip (1.2.0)
    selenium-webdriver (2.53.4)
      childprocess (~> 0.5)
      rubyzip (~> 1.0)
      websocket (~> 1.0)
    systemu (2.5.2)
    thread_safe (0.3.5)
    toml (0.1.2)
      parslet (~> 1.5.0)
    tzinfo (0.3.51)
    websocket (1.2.3)

PLATFORMS
  ruby

DEPENDENCIES
  activesupport (= 4.0.0)
  appium_lib (= 6.0.0)
  cucumber (= 1.3.14)
  macaddr (= 1.6.1)
  rake (= 10.1.0)
  rspec (= 2.14.0)
  selenium-webdriver

BUNDLED WITH
   1.13.6
